GEM
  remote: https://rubygems.org/
  specs:
    bluecloth (2.2.0)
    colorize (0.6.0)
    comp_tree (1.1.3)
    drake (0.9.2.0.3.1)
      comp_tree (>= 1.1.3)
    highline (1.6.20)
    json_pure (1.8.1)
    mime-types (1.25.1)
    mini_portile (0.6.2)
    mizuho (0.9.20)
      nokogiri (>= 1.4.0)
      sqlite3
    net-http-persistent (2.9.4)
    nokogiri (1.6.6.2)
      mini_portile (~> 0.6.0)
    package_cloud (0.2.18)
      colorize (= 0.6.0)
      highline (= 1.6.20)
      json_pure (= 1.8.1)
      rest-client (= 1.6.7)
      thor (= 0.18.1)
    paint (0.9.0)
    rake (10.4.2)
    rest-client (1.6.7)
      mime-types (>= 1.16)
    sqlite3 (1.3.10)
    thor (0.18.1)

PLATFORMS
  ruby

DEPENDENCIES
  bluecloth
  drake
  mizuho
  net-http-persistent
  package_cloud
  paint
  rake
